GEM
  remote: https://rubygems.org/
  specs:
    sequel (3.37.0)
    sqlite3 (1.3.6)

PLATFORMS
  ruby

DEPENDENCIES
  sequel
  sqlite3
